GEM
  remote: https://rubygems.org/
  specs:
    addressable (2.3.6)
    colored (1.2)
    ethon (0.7.2)
      ffi (>= 1.3.0)
    ffi (1.9.6)
    html-proofer (1.6.0)
      addressable (~> 2.3)
      colored (~> 1.2)
      mercenary (~> 0.3.2)
      nokogiri (~> 1.5)
      parallel (~> 1.3)
      typhoeus (~> 0.6.7)
      yell (~> 2.0)
    json (1.8.1)
    mercenary (0.3.5)
    mini_portile (0.6.2)
    nokogiri (1.6.5)
      mini_portile (~> 0.6.0)
    parallel (1.3.3)
    typhoeus (0.6.9)
      ethon (>= 0.7.1)
    yell (2.0.5)

PLATFORMS
  ruby

DEPENDENCIES
  html-proofer
  json
